GEM
  remote: http://rubygems.org/
  specs:
    hipchat-api (1.0.5)
      httparty
    httparty (0.10.2)
      multi_json (~> 1.0)
      multi_xml (>= 0.5.2)
    multi_json (1.6.1)
    multi_xml (0.5.3)
    redis (3.0.3)

PLATFORMS
  ruby

DEPENDENCIES
  hipchat-api
  redis
